{"Modality": "MR", "MagneticFieldStrength": 3, "ImagingFrequency": 123.22, "Manufacturer": "Siemens", "ManufacturersModelName": "Prisma_fit", "InstitutionName": "Robarts Research Institute", "InstitutionalDepartmentName": "CFMM", "InstitutionAddress": "Perth Drive 100,London,Ontario,CA,N6A 5K8", "DeviceSerialNumber": "67007", "StationName": "MRC35368", "BodyPartExamined": "BRAIN", "PatientPosition": "HFS", "ProcedureStepDescription": "Diedrichsen^CCMC", "SoftwareVersions": "syngo MR E11", "MRAcquisitionType": "2D", "SeriesDescription": "ep_bold_mb3_p2_wm", "ProtocolName": "ep_bold_mb3_p2_wm", "ScanningSequence": "EP", "SequenceVariant": "SK\\SS", "ScanOptions": "PFP\\FS\\EXT", "SequenceName": "epfid2d1_84", "ImageType": ["ORIGINAL", "PRIMARY", "M", "MB", "ND", "NORM", "MOSAIC"], "SeriesNumber": 3, "AcquisitionTime": "10:40:52.915000", "AcquisitionNumber": 1, "ImageComments": "Unaliased MB3/PE4", "SliceThickness": 3, "SpacingBetweenSlices": 3, "SAR": 0.0681827, "EchoTime": 0.03, "RepetitionTime": 1, "FlipAngle": 40, "PartialFourier": 0.875, "BaseResolution": 84, "ShimSetting": [5236, -6354, -3942, -110, 163, 259, -113, -108], "TxRefAmp": 286.758, "PhaseResolution": 1, "ReceiveCoilName": "Head_32", "ReceiveCoilActiveElements": "HEA;HEP", "PulseSequenceDetails": "%CustomerSeq%\\cmrr_mbep2d_bold", "WipMemBlock": "ecf69282-1185-4cd9-a7c5-ee36d60f3413||Sequence: R016 ve11c/master r/e634e98; Dec 19 2017 11:00:25 by eja", "RefLinesPE": 48, "ConsistencyInfo": "N4_VE11C_LATEST_20160120", "MultibandAccelerationFactor": 3, "PercentPhaseFOV": 100, "PercentSampling": 100, "EchoTrainLength": 36, "PhaseEncodingSteps": 73, "AcquisitionMatrixPE": 84, "ReconMatrixPE": 84, "BandwidthPerPixelPhaseEncode": 33.069, "ParallelReductionFactorInPlane": 2, "EffectiveEchoSpacing": 0.000359998, "DerivedVendorReportedEchoSpacing": 0.000719995, "TotalReadoutTime": 0.0298798, "PixelBandwidth": 1565, "DwellTime": 3.8e-06, "PhaseEncodingDirection": "j-", "SliceTiming": [0, 0.4275, 0.8575, 0.305, 0.735, 0.1825, 0.6125, 0.06, 0.49, 0.9175, 0.3675, 0.795, 0.245, 0.6725, 0.1225, 0.55, 0, 0.4275, 0.8575, 0.305, 0.735, 0.1825, 0.6125, 0.06, 0.49, 0.9175, 0.3675, 0.795, 0.245, 0.6725, 0.1225, 0.55, 0, 0.4275, 0.8575, 0.305, 0.735, 0.1825, 0.6125, 0.06, 0.49, 0.9175, 0.3675, 0.795, 0.245, 0.6725, 0.1225, 0.55], "ImageOrientationPatientDICOM": [1, 0, 0, 0, 0.75471, -0.656059], "InPlanePhaseEncodingDirectionDICOM": "COL", "ConversionSoftware": "dcm2niix", "ConversionSoftwareVersion": "v1.0.20210317", "TaskName": "Wm"}