{"Modality": "MR", "MagneticFieldStrength": 3, "Manufacturer": "Siemens", "ManufacturersModelName": "Prisma_fit", "InstitutionName": "Robarts_Research_Institute", "InstitutionalDepartmentName": "CFMM", "InstitutionAddress": "Perth_Drive_100_London_Ontario_CA_N6A_5K8", "DeviceSerialNumber": "67007", "StationName": "MRC35368", "BodyPartExamined": "BRAIN", "PatientPosition": "HFS", "ProcedureStepDescription": "Diedrichsen_CCMC", "SoftwareVersions": "syngo_MR_E11", "MRAcquisitionType": "2D", "SeriesDescription": "ep_bold_mb3_p2_wm", "ProtocolName": "ep_bold_mb3_p2_wm", "ScanningSequence": "EP", "SequenceVariant": "SK_SS", "ScanOptions": "PFP_FS_EXT", "SequenceName": "epfid2d1_84", "ImageType": ["ORIGINAL", "PRIMARY", "M", "MB", "ND", "NORM", "MOSAIC"], "SeriesNumber": 9, "AcquisitionTime": "13:26:26.082500", "AcquisitionNumber": 1, "ImageComments": "Unaliased_MB3_PE4", "SliceThickness": 3, "SpacingBetweenSlices": 3, "SAR": 0.0802548, "EchoTime": 0.03, "RepetitionTime": 1, "FlipAngle": 40, "PartialFourier": 0.875, "BaseResolution": 84, "ShimSetting": [5247, -6379, -3857, 1, 142, 112, -132, -43], "TxRefAmp": 287.073, "PhaseResolution": 1, "ReceiveCoilName": "Head_32", "ReceiveCoilActiveElements": "HEA;HEP", "PulseSequenceDetails": "%CustomerSeq%_cmrr_mbep2d_bold", "ConsistencyInfo": "N4_VE11C_LATEST_20160120", "MultibandAccelerationFactor": 3, "PercentPhaseFOV": 100, "EchoTrainLength": 36, "PhaseEncodingSteps": 73, "AcquisitionMatrixPE": 84, "ReconMatrixPE": 84, "BandwidthPerPixelPhaseEncode": 33.069, "ParallelReductionFactorInPlane": 2, "EffectiveEchoSpacing": 0.000359998, "DerivedVendorReportedEchoSpacing": 0.000719995, "TotalReadoutTime": 0.0298798, "PixelBandwidth": 1565, "DwellTime": 3.8e-06, "PhaseEncodingDirection": "j-", "SliceTiming": [0, 0.4275, 0.8575, 0.305, 0.735, 0.1825, 0.6125, 0.06, 0.49, 0.9175, 0.3675, 0.795, 0.245, 0.6725, 0.1225, 0.55, 0, 0.4275, 0.8575, 0.305, 0.735, 0.1825, 0.6125, 0.06, 0.49, 0.9175, 0.3675, 0.795, 0.245, 0.6725, 0.1225, 0.55, 0, 0.4275, 0.8575, 0.305, 0.735, 0.1825, 0.6125, 0.06, 0.49, 0.9175, 0.3675, 0.795, 0.245, 0.6725, 0.1225, 0.55], "ImageOrientationPatientDICOM": [0.999892, 0.00521481, 0.0137264, 2.79974e-09, 0.934811, -0.355145], "InPlanePhaseEncodingDirectionDICOM": "COL", "ConversionSoftware": "dcm2niix", "ConversionSoftwareVersion": "v1.0.20171215 (OpenJPEG build) GCC4.8.4", "TaskName": "Wm"}